GEM
  remote: http://rubygems.org/
  specs:
    RedCloth (4.2.9)
    albino (1.3.3)
      posix-spawn (>= 0.3.6)
    chunky_png (1.2.5)
    classifier (1.3.3)
      fast-stemmer (>= 1.0.0)
    compass (0.11.7)
      chunky_png (~> 1.2)
      fssm (>= 0.2.7)
      sass (~> 3.1)
    directory_watcher (1.4.1)
    fast-stemmer (1.0.0)
    ffi (1.0.11)
    foreman (0.36.1)
      term-ansicolor (~> 1.0.7)
      thor (>= 0.13.6)
    fssm (0.2.8.1)
    guard (1.0.0)
      ffi (>= 0.5.0)
      thor (~> 0.14.6)
    guard-shell (0.3.0)
      guard (>= 0.2.0)
    haml (3.1.4)
    jekyll (0.11.2)
      albino (~> 1.3)
      classifier (~> 1.3)
      directory_watcher (~> 1.1)
      kramdown (~> 0.13)
      liquid (~> 2.3)
      maruku (~> 0.5)
    kramdown (0.13.4)
    liquid (2.3.0)
    maruku (0.6.0)
      syntax (>= 1.0.0)
    posix-spawn (0.3.6)
    rack (1.4.1)
    rack-rewrite (1.2.1)
    rake (0.9.2.2)
    rb-fsevent (0.4.3.1)
    rdiscount (1.6.8)
    right_aws (3.0.3)
      right_http_connection (>= 1.2.5)
    right_http_connection (1.3.0)
    sass (3.1.12)
    sinatra (1.2.6)
      rack (~> 1.1)
      tilt (>= 1.2.2, < 2.0)
    syntax (1.0.0)
    term-ansicolor (1.0.7)
    thor (0.14.6)
    tilt (1.3.3)

PLATFORMS
  ruby

DEPENDENCIES
  RedCloth
  compass
  foreman
  guard
  guard-shell
  haml
  jekyll
  rack-rewrite
  rake
  rb-fsevent
  rdiscount
  right_aws
  sinatra (= 1.2.6)
